PATH
  remote: .
  specs:
    ckdl (0.1.0)
      kdl (~> 2.0)

GEM
  remote: https://rubygems.org/
  specs:
    base64 (0.2.0)
    bigdecimal (3.1.9)
    kdl (2.0.0)
      base64 (~> 0.2.0)
      bigdecimal (~> 3.1.6)
      racc (~> 1.5)
      simpleidn (~> 0.2.1)
    minitest (5.25.4)
    racc (1.8.1)
    rake (13.2.1)
    rake-compiler (1.2.9)
      rake
    simpleidn (0.2.3)

PLATFORMS
  arm64-darwin-24
  ruby

DEPENDENCIES
  ckdl!
  minitest (~> 5.16)
  rake (~> 13.0)
  rake-compiler

BUNDLED WITH
   2.6.2
